GEM
  remote: http://rubygems.org/
  specs:
    bouncy-castle-java (1.5.0145.2)
    builder (2.1.2)
    couchrest (1.0.1)
      json (>= 1.4.6)
      mime-types (>= 1.15)
      rest-client (>= 1.5.1)
    cucumber (0.9.3)
      builder (~> 2.1.2)
      diff-lcs (~> 1.1.2)
      gherkin (~> 2.2.9)
      json (~> 1.4.6)
      term-ansicolor (~> 1.0.5)
    diff-lcs (1.1.2)
    gem_plugin (0.2.3)
    gherkin (2.2.9)
      json (~> 1.4.6)
      term-ansicolor (~> 1.0.5)
    gherkin (2.2.9-java)
      json (~> 1.4.6)
      term-ansicolor (~> 1.0.5)
    jruby-openssl (0.7.1)
      bouncy-castle-java
    json (1.4.6)
    json (1.4.6-java)
    mime-types (1.16)
    mongrel (1.1.5-java)
      gem_plugin (>= 0.2.3)
    neo4j (0.4.5)
    picky-client (0.10.4)
    rack (1.2.1)
    rack-test (0.5.4)
      rack (>= 1.0)
    rest-client (1.6.0)
      mime-types (>= 1.16)
    rspec (1.3.0)
    sinatra (1.0)
      rack (>= 1.0)
    term-ansicolor (1.0.5)

PLATFORMS
  java
  ruby

DEPENDENCIES
  couchrest
  cucumber
  jruby-openssl
  json
  mongrel
  neo4j
  picky-client
  rack-test
  rest-client
  rspec (~> 1.3)
  sinatra
