GEM
  remote: http://rubygems.org/
  specs:
    builder (3.0.0)
    cucumber (1.0.0)
      builder (>= 2.1.2)
      diff-lcs (>= 1.1.2)
      gherkin (~> 2.4.1)
      json (>= 1.4.6)
      term-ansicolor (>= 1.0.5)
    daemons (1.1.4)
    diff-lcs (1.1.2)
    eventmachine (0.12.10)
    fuubar (0.0.5)
      rspec (~> 2.0)
      rspec-instafail (~> 0.1.4)
      ruby-progressbar (~> 0.0.10)
    gherkin (2.4.1)
      json (>= 1.4.6)
    json (1.5.3)
    mime-types (1.16)
    rack (1.3.0)
    rack-test (0.6.0)
      rack (>= 1.0)
    rest-client (1.6.3)
      mime-types (>= 1.16)
    rspec (2.6.0)
      rspec-core (~> 2.6.0)
      rspec-expectations (~> 2.6.0)
      rspec-mocks (~> 2.6.0)
    rspec-core (2.6.4)
    rspec-expectations (2.6.0)
      diff-lcs (~> 1.1.2)
    rspec-instafail (0.1.8)
    rspec-mocks (2.6.0)
    ruby-progressbar (0.0.10)
    sinatra (1.2.6)
      rack (~> 1.1)
      tilt (< 2.0, >= 1.2.2)
    term-ansicolor (1.0.5)
    thin (1.2.11)
      daemons (>= 1.0.9)
      eventmachine (>= 0.12.6)
      rack (>= 1.0.0)
    tilt (1.3.2)
    yajl-ruby (0.8.2)

PLATFORMS
  ruby

DEPENDENCIES
  cucumber
  fuubar
  rack-test
  rest-client
  rspec
  sinatra
  thin
  yajl-ruby
