GEM
  remote: http://rubygems.org/
  specs:
    activerecord (2.3.10)
      activesupport (= 2.3.10)
    activesupport (2.3.10)
    kgio (1.3.1)
    mime-types (1.16)
    picky (0.10.4)
    rack (1.2.1)
    rack-mount (0.6.13)
      rack (>= 1.0.0)
    rack_fast_escape (2009.06.24)
      url_escape
    rake (0.8.7)
    rest-client (1.6.1)
      mime-types (>= 1.16)
    text (0.2.0)
    unicorn (2.0.0)
      kgio (~> 1.3.1)
      rack
    url_escape (2009.06.24)
    yajl-ruby (0.7.8)

PLATFORMS
  ruby

DEPENDENCIES
  activerecord (~> 2.3.8)
  bundler
  picky (~> 0.10.0)
  rack (~> 1.2.1)
  rack-mount (~> 0.6.9)
  rack_fast_escape (= 2009.06.24)
  rake
  rest-client
  text (~> 0.2.0)
  unicorn
  yajl-ruby (~> 0.7.8)
